PATH
  remote: .
  specs:
    bakery (0.1.0)

GEM
  remote: https://rubygems.org/
  specs:
    byebug (11.1.3)
    coderay (1.1.3)
    diff-lcs (1.4.4)
    method_source (0.8.2)
    pry (0.10.4)
      coderay (~> 1.1.0)
      method_source (~> 0.8.1)
      slop (~> 3.4)
    pry-byebug (3.8.0)
      byebug (~> 11.0)
      pry (~> 0.10)
    rake (12.3.3)
    rspec (3.10.0)
      rspec-core (~> 3.10.0)
      rspec-expectations (~> 3.10.0)
      rspec-mocks (~> 3.10.0)
    rspec-core (3.10.0)
      rspec-support (~> 3.10.0)
    rspec-expectations (3.10.0)
      diff-lcs (>= 1.2.0, < 2.0)
      rspec-support (~> 3.10.0)
    rspec-mocks (3.10.0)
      diff-lcs (>= 1.2.0, < 2.0)
      rspec-support (~> 3.10.0)
    rspec-support (3.10.0)
    slop (3.6.0)

PLATFORMS
  ruby

DEPENDENCIES
  bakery!
  pry (~> 0.10.3)
  pry-byebug (~> 3.4)
  rake (~> 12.0)
  rspec (~> 3.0)

BUNDLED WITH
   2.1.4
